GEM
  remote: http://rubygems.org/
  specs:
    builder (3.0.0)
    coderay (0.9.7)
    nokogiri (1.4.4)
    rack (1.2.1)
    rack-codehighlighter (0.4.7)
      nokogiri (>= 1.4.1)
      rack (>= 1.0.0)
    rdiscount (1.6.8)
    toto (0.4.9)
      builder
      rack
      rdiscount

PLATFORMS
  ruby

DEPENDENCIES
  builder
  coderay
  rack-codehighlighter
  rdiscount
  toto (>= 0.4.6)
