GIT
  remote: git://github.com/tdreyno/toto.git
  revision: 0b9d410c59406dc48e9ed33959f1ae203a739f0b
  specs:
    toto (0.4.9)
      builder
      rack
      rdiscount

GEM
  remote: http://rubygems.org/
  specs:
    builder (3.0.0)
    coderay (0.9.8)
    configuration (1.2.0)
    dalli (1.0.5)
    foreman (0.18.0)
      term-ansicolor (~> 1.0.5)
      thor (>= 0.13.6)
    heroku (2.2.4)
      launchy (>= 0.3.2)
      rest-client (~> 1.6.1)
      term-ansicolor (~> 1.0.5)
    kgio (2.4.1)
    launchy (0.4.0)
      configuration (>= 0.0.5)
      rake (>= 0.8.1)
    mime-types (1.16)
    nokogiri (1.4.4)
    rack (1.3.0)
    rack-cache (1.0.2)
      rack (>= 0.4)
    rack-codehighlighter (0.4.7)
      nokogiri (>= 1.4.1)
      rack (>= 1.0.0)
    rack-contrib (1.1.0)
      rack (>= 0.9.1)
    rake (0.9.1)
    rdiscount (1.6.8)
    rest-client (1.6.3)
      mime-types (>= 1.16)
    term-ansicolor (1.0.5)
    thor (0.14.6)
    unicorn (3.6.2)
      kgio (~> 2.3)
      rack

PLATFORMS
  ruby

DEPENDENCIES
  builder
  coderay
  dalli
  foreman
  heroku
  rack-cache
  rack-codehighlighter
  rack-contrib
  rdiscount
  toto!
  unicorn
