GIT
  remote: git://github.com/tdreyno/toto.git
  revision: c8622d556b9d262d0005b9cf12b5a10194827c54
  specs:
    toto (0.4.9)
      builder
      rack
      rdiscount

GEM
  remote: http://rubygems.org/
  specs:
    builder (3.0.0)
    coderay (0.9.8)
    configuration (1.2.0)
    daemons (1.1.3)
    eventmachine (0.12.10)
    foreman (0.16.0)
      term-ansicolor (~> 1.0.5)
      thor (>= 0.13.6)
    heroku (2.2.1)
      launchy (>= 0.3.2)
      rest-client (~> 1.6.1)
      term-ansicolor (~> 1.0.5)
    launchy (0.4.0)
      configuration (>= 0.0.5)
      rake (>= 0.8.1)
    mime-types (1.16)
    nokogiri (1.4.4)
    rack (1.3.0)
    rack-codehighlighter (0.4.7)
      nokogiri (>= 1.4.1)
      rack (>= 1.0.0)
    rake (0.9.0)
    rdiscount (1.6.8)
    rest-client (1.6.1)
      mime-types (>= 1.16)
    term-ansicolor (1.0.5)
    thin (1.2.11)
      daemons (>= 1.0.9)
      eventmachine (>= 0.12.6)
      rack (>= 1.0.0)
    thor (0.14.6)

PLATFORMS
  ruby

DEPENDENCIES
  builder
  coderay
  foreman
  heroku
  rack-codehighlighter
  rdiscount
  thin
  toto!
